GEM
  remote: https://rubygems.org/
  specs:
    sass (3.4.14)

PLATFORMS
  ruby
  x64-mingw32

DEPENDENCIES
  sass (~> 3.4.0)

BUNDLED WITH
   1.10.3
